GEM
  remote: https://rubygems.org/
  specs:
    excon (0.100.0)
    pg (1.5.3)
    sequel (5.69.0)
    webrick (1.8.1)

PLATFORMS
  arm64-darwin-22

DEPENDENCIES
  excon
  pg
  sequel
  webrick

BUNDLED WITH
   2.4.13
