GEM
  remote: https://rubygems.org/
  specs:
    coderay (1.1.3)
    excon (0.100.0)
    hanami-api (0.3.0)
      hanami-router (~> 2.0)
    hanami-router (2.0.2)
      mustermann (~> 3.0)
      mustermann-contrib (~> 3.0)
      rack (~> 2.0)
    hansi (0.2.1)
    method_source (1.0.0)
    mustermann (3.0.0)
      ruby2_keywords (~> 0.0.1)
    mustermann-contrib (3.0.0)
      hansi (~> 0.2.0)
      mustermann (= 3.0.0)
    nio4r (2.5.9)
    pg (1.5.3)
    pry (0.14.2)
      coderay (~> 1.1)
      method_source (~> 1.0)
    puma (6.3.0)
      nio4r (~> 2.0)
    rack (2.2.7)
    ruby2_keywords (0.0.5)
    sequel (5.69.0)

PLATFORMS
  arm64-darwin-22

DEPENDENCIES
  excon
  hanami-api
  pg
  pry
  puma
  sequel

BUNDLED WITH
   2.4.13
