GEM
  remote: https://rubygems.org/
  specs:
    activesupport (7.0.7.2)
      concurrent-ruby (~> 1.0, >= 1.0.2)
      i18n (>= 1.6, < 2)
      minitest (>= 5.1)
      tzinfo (~> 2.0)
    concurrent-ruby (1.2.2)
    excon (0.100.0)
    i18n (1.14.1)
      concurrent-ruby (~> 1.0)
    minitest (5.19.0)
    pg (1.5.3)
    sequel (5.69.0)
    tzinfo (2.0.6)
      concurrent-ruby (~> 1.0)
    webrick (1.8.1)

PLATFORMS
  arm64-darwin-22
  arm64-darwin-23
  arm64-darwin-24
  x86_64-linux

DEPENDENCIES
  activesupport
  excon
  pg
  sequel
  webrick

BUNDLED WITH
   2.4.13
