GEM
  remote: https://rubygems.org/
  specs:
    activesupport (8.0.1)
      base64
      benchmark (>= 0.3)
      bigdecimal
      concurrent-ruby (~> 1.0, >= 1.3.1)
      connection_pool (>= 2.2.5)
      drb
      i18n (>= 1.6, < 2)
      logger (>= 1.4.2)
      minitest (>= 5.1)
      securerandom (>= 0.3)
      tzinfo (~> 2.0, >= 2.0.5)
      uri (>= 0.13.1)
    base64 (0.2.0)
    benchmark (0.4.0)
    bigdecimal (3.1.9)
    concurrent-ruby (1.3.4)
    connection_pool (2.5.0)
    drb (2.2.1)
    excon (1.2.3)
    i18n (1.14.6)
      concurrent-ruby (~> 1.0)
    logger (1.6.4)
    minitest (5.25.4)
    pg (1.5.9)
    securerandom (0.4.1)
    sequel (5.88.0)
      bigdecimal
    tzinfo (2.0.6)
      concurrent-ruby (~> 1.0)
    uri (1.0.2)
    webrick (1.9.1)

PLATFORMS
  arm64-darwin-22
  arm64-darwin-23
  arm64-darwin-24
  x86_64-linux

DEPENDENCIES
  activesupport
  excon
  pg
  sequel
  webrick

BUNDLED WITH
   2.4.13
